GEM
  remote: https://rubygems.org/
  specs:
    nokogiri (1.15.6-arm64-darwin)
      racc (~> 1.4)
    racc (1.8.1)
    rubyXL (3.4.27)
      nokogiri (>= 1.10.8)
      rubyzip (>= 1.3.0)
    rubyzip (2.3.2)

PLATFORMS
  arm64-darwin-21

DEPENDENCIES
  rubyXL

BUNDLED WITH
   2.3.18
